GEM
  remote: https://rubygems.org/
  specs:
    activemodel (6.1.7.1)
      activesupport (= 6.1.7.1)
    activerecord (6.1.7.1)
      activemodel (= 6.1.7.1)
      activesupport (= 6.1.7.1)
    activesupport (6.1.7.1)
      concurrent-ruby (~> 1.0, >= 1.0.2)
      i18n (>= 1.6, < 2)
      minitest (>= 5.1)
      tzinfo (~> 2.0)
      zeitwerk (~> 2.3)
    aws-partitions (1.70.0)
    aws-sdk-core (3.17.0)
      aws-partitions (~> 1.0)
      aws-sigv4 (~> 1.0)
      jmespath (~> 1.0)
    aws-sdk-ses (1.6.0)
      aws-sdk-core (~> 3)
      aws-sigv4 (~> 1.0)
    aws-sigv4 (1.0.2)
    byebug (10.0.2)
    concurrent-ruby (1.1.10)
    diff-lcs (1.3)
    i18n (1.12.0)
      concurrent-ruby (~> 1.0)
    jmespath (1.3.1)
    minitest (5.17.0)
    mysql2 (0.4.10)
    rspec (3.7.0)
      rspec-core (~> 3.7.0)
      rspec-expectations (~> 3.7.0)
      rspec-mocks (~> 3.7.0)
    rspec-core (3.7.1)
      rspec-support (~> 3.7.0)
    rspec-expectations (3.7.0)
      diff-lcs (>= 1.2.0, < 2.0)
      rspec-support (~> 3.7.0)
    rspec-mocks (3.7.0)
      diff-lcs (>= 1.2.0, < 2.0)
      rspec-support (~> 3.7.0)
    rspec-support (3.7.1)
    tzinfo (2.0.5)
      concurrent-ruby (~> 1.0)
    zeitwerk (2.6.6)

PLATFORMS
  ruby

DEPENDENCIES
  activerecord
  aws-sdk-ses
  byebug
  mysql2
  rspec

BUNDLED WITH
   1.16.1
